REDIRECTS: ON
STRATEGY: MAX
FRAMEWORK: >= NET40
NUGET
  remote: http://www.nuget.org/api/v2
    Fantomas (2.4)
      FSharp.Compiler.Service (>= 8.0)
    FParsec (1.0.2)
    FSharp.Compiler.Service (10.0.1)
      System.Collections.Immutable (>= 1.2)
      System.Reflection.Metadata (>= 1.4.1-beta-24227-04)
    FSharp.Compiler.Service.ProjectCracker (10.0.1)
      FSharp.Compiler.Service (>= 10.0.1) - framework: >= net463
      Microsoft.Build (>= 14.3) - framework: >= net463
      Microsoft.Build.Framework (>= 14.3) - framework: >= net463
      Microsoft.Build.Tasks.Core (>= 14.3) - framework: >= net463
      Microsoft.Build.Utilities.Core (>= 14.3) - framework: >= net463
      Microsoft.FSharp.Core.netcore (>= 1.0.0-alpha-161205) - framework: >= net463
      System.Runtime.Serialization.Json (>= 4.0.2) - framework: >= net463
    FSharp.Core (4.0.0.1)
    FSharp.Data (2.3.2)
    FSharp.Management (0.4.2)
    FSharp.ViewModule.Core (1.0.5)
      FSharp.Core
    FSharpLint.Core (0.7.0-beta)
      FParsec (>= 1.0.2)
      FSharp.Compiler.Service (>= 10.0.1)
      FSharp.Compiler.Service.ProjectCracker (>= 10.0.1)
    FsPickler (3.2)
    FsXaml.Wpf (3.1.2)
    Microsoft.Build (14.3) - framework: >= net463
      Microsoft.Build.Framework (14.3) - framework: >= net45
    Microsoft.Build.Framework (14.3)
      System.Collections (>= 4.0.11) - framework: >= net46
      System.Runtime (>= 4.1) - framework: >= net46
      System.Runtime.InteropServices (>= 4.1) - framework: >= net46
    Microsoft.Build.Tasks.Core (14.3) - framework: >= net463
      Microsoft.Build.Framework (14.3) - framework: >= net45
      Microsoft.Build.Utilities.Core (14.3) - framework: >= net45
    Microsoft.Build.Utilities.Core (14.3)
      Microsoft.Build.Framework (14.3) - framework: >= net45
    Microsoft.FSharp.Core.netcore (1.0.0-rc-170122) - framework: >= net463
      System.Collections (>= 4.0.11)
      System.Console (>= 4.0)
      System.Diagnostics.Debug (>= 4.0.11)
      System.Diagnostics.Tools (>= 4.0.1)
      System.Globalization (>= 4.0.11)
      System.IO (>= 4.1)
      System.Linq (>= 4.1)
      System.Linq.Expressions (>= 4.1)
      System.Linq.Queryable (>= 4.0.1)
      System.Net.Requests (>= 4.0.11)
      System.Reflection (>= 4.1)
      System.Reflection.Extensions (>= 4.0.1)
      System.Resources.ResourceManager (>= 4.0.1)
      System.Runtime (>= 4.1)
      System.Runtime.Extensions (>= 4.1)
      System.Runtime.Numerics (>= 4.0.1)
      System.Text.RegularExpressions (>= 4.1)
      System.Threading (>= 4.0.11)
      System.Threading.Tasks (>= 4.0.11)
      System.Threading.Tasks.Parallel (>= 4.0.1)
      System.Threading.Thread (>= 4.0)
      System.Threading.ThreadPool (>= 4.0.10)
      System.Threading.Timer (>= 4.0.1)
    SourceLink.SymbolStore (0.5)
    System.Collections (4.3)
    System.Collections.Immutable (1.2)
    System.Console (4.3) - framework: >= net463
    System.Diagnostics.Debug (4.3) - framework: >= net463
    System.Diagnostics.Tools (4.3) - framework: >= net463
    System.Globalization (4.3) - framework: >= net463
    System.IO (4.3) - framework: >= net463
    System.Linq (4.3) - framework: >= net463
    System.Linq.Expressions (4.3) - framework: >= net463
    System.Linq.Queryable (4.3) - framework: >= net463
    System.Net.Requests (4.3) - framework: >= net463
    System.Reflection (4.3) - framework: >= net463
    System.Reflection.Extensions (4.3) - framework: >= net463
    System.Reflection.Metadata (1.4.1-beta-24430-01)
      System.Collections.Immutable (>= 1.2) - framework: >= net45
    System.Resources.ResourceManager (4.3) - framework: >= net463
    System.Runtime (4.3)
    System.Runtime.Extensions (4.3) - framework: >= net463
    System.Runtime.InteropServices (4.3)
      System.Runtime (>= 4.3) - framework: >= net462
    System.Runtime.Numerics (4.3) - framework: >= net463
    System.Runtime.Serialization.Json (4.3) - framework: >= net463
    System.Text.RegularExpressions (4.3) - framework: >= net463
    System.Threading (4.3) - framework: >= net463
    System.Threading.Tasks (4.3) - framework: >= net463
    System.Threading.Tasks.Parallel (4.3) - framework: >= net463
    System.Threading.Thread (4.3) - framework: >= net463
    System.Threading.ThreadPool (4.3) - framework: >= net463
    System.Threading.Timer (4.3) - framework: >= net463

GROUP Build
NUGET
  remote: http://www.nuget.org/api/v2
    canopy (0.9.62)
      FSharp.Core (>= 3.0.2)
      Selenium.WebDriver (2.53.1)
    FAKE (4.41.8)
    FSharp.Compiler.Service (2.0.0.6)
    FSharp.Core (4.0.0.1)
    FSharp.Formatting (2.14.4)
      FSharp.Compiler.Service (2.0.0.6)
      FSharpVSPowerTools.Core (>= 2.3 < 2.4)
    FSharpVSPowerTools.Core (2.3)
      FSharp.Compiler.Service (>= 2.0.0.3)
    Microsoft.Bcl (1.1.10) - framework: net10, net11, net20, net30, net35, net40, net40-full
      Microsoft.Bcl.Build (>= 1.0.14)
    Microsoft.Bcl.Build (1.0.21) - import_targets: false, framework: net10, net11, net20, net30, net35, net40, net40-full
    Microsoft.Net.Http (2.2.29) - framework: net10, net11, net20, net30, net35, net40, net40-full
      Microsoft.Bcl (>= 1.1.10)
      Microsoft.Bcl.Build (>= 1.0.14)
    NuGet.CommandLine (3.4.3)
    Octokit (0.23)
      Microsoft.Net.Http  - framework: net10, net11, net20, net30, net35, net40, net40-full
    Selenium.WebDriver (2.53.1)
    Selenium.WebDriver.ChromeDriver (2.24)
GITHUB
  remote: fsharp/FAKE
    modules/Octokit/Octokit.fsx (4e4428bfe931a5f720e32f9d69289d25eb16d467)
      Octokit
GROUP Test
NUGET
  remote: http://www.nuget.org/api/v2
    Foq (1.7.1)
    FsCheck (2.6.2)
      FSharp.Core (>= 3.1.2.5)
    FSharp.Compiler.Service.ProjectCracker (8.0)
    FSharp.Core (4.0.0.1)
    NUnit (3.5)
    NUnit.ConsoleRunner (3.5)
    NUnit.Extension.NUnitProjectLoader (3.5)
    NUnit.Extension.NUnitV2Driver (3.5)
    NUnit.Extension.NUnitV2ResultWriter (3.5)
    NUnit.Extension.TeamCityEventListener (1.0.2)
    NUnit.Extension.VSProjectLoader (3.5)
    NUnit.Runners (3.5)
      NUnit.ConsoleRunner (>= 3.5)
      NUnit.Extension.NUnitProjectLoader (>= 3.5)
      NUnit.Extension.NUnitV2Driver (>= 3.5)
      NUnit.Extension.NUnitV2ResultWriter (>= 3.5)
      NUnit.Extension.TeamCityEventListener (>= 1.0.2)
      NUnit.Extension.VSProjectLoader (>= 3.5)

GROUP vssdk
FRAMEWORK: >= NET45
NUGET
  remote: http://www.nuget.org/api/v2
    Microsoft.VisualStudio.CoreUtility (14.3.25407)
    Microsoft.VisualStudio.Editor (14.3.25407)
      Microsoft.VisualStudio.CoreUtility (>= 14.3.25407)
      Microsoft.VisualStudio.OLE.Interop (>= 7.10.6070)
      Microsoft.VisualStudio.Text.Data (>= 14.3.25407)
      Microsoft.VisualStudio.Text.Logic (>= 14.3.25407)
      Microsoft.VisualStudio.Text.UI (>= 14.3.25407)
      Microsoft.VisualStudio.Text.UI.Wpf (>= 14.3.25407)
      Microsoft.VisualStudio.TextManager.Interop (>= 7.10.6070)
      Microsoft.VisualStudio.TextManager.Interop.8.0 (>= 8.0.50727)
    Microsoft.VisualStudio.Language.Intellisense (14.3.25407)
      Microsoft.VisualStudio.CoreUtility (>= 14.3.25407)
      Microsoft.VisualStudio.Text.Data (>= 14.3.25407)
      Microsoft.VisualStudio.Text.UI (>= 14.3.25407)
    Microsoft.VisualStudio.Language.StandardClassification (14.3.25407)
      Microsoft.VisualStudio.Text.Logic (>= 14.3.25407)
    Microsoft.VisualStudio.OLE.Interop (7.10.6070)
    Microsoft.VisualStudio.Shell.Interop (7.10.6071)
      Microsoft.VisualStudio.OLE.Interop (>= 7.10.6070)
      Microsoft.VisualStudio.TextManager.Interop (>= 7.10.6070)
    Microsoft.VisualStudio.Shell.Interop.10.0 (10.0.30319)
      Microsoft.VisualStudio.OLE.Interop (>= 7.10.6070)
      Microsoft.VisualStudio.Shell.Interop (>= 7.10.6071)
    Microsoft.VisualStudio.Shell.Interop.11.0 (11.0.61030)
      Microsoft.VisualStudio.OLE.Interop (>= 7.10.6070)
      Microsoft.VisualStudio.Shell.Interop (>= 7.10.6071)
      Microsoft.VisualStudio.Shell.Interop.10.0 (>= 10.0.30319)
      Microsoft.VisualStudio.Shell.Interop.8.0 (>= 8.0.50727)
    Microsoft.VisualStudio.Shell.Interop.12.0 (12.0.30110)
      Microsoft.VisualStudio.OLE.Interop (>= 7.10.6070)
      Microsoft.VisualStudio.Shell.Interop (>= 7.10.6071)
      Microsoft.VisualStudio.Shell.Interop.10.0 (>= 10.0.30319)
      Microsoft.VisualStudio.Shell.Interop.11.0 (>= 11.0.61030)
      Microsoft.VisualStudio.Shell.Interop.8.0 (>= 8.0.50727)
    Microsoft.VisualStudio.Shell.Interop.8.0 (8.0.50727)
      Microsoft.VisualStudio.OLE.Interop (>= 7.10.6070)
      Microsoft.VisualStudio.Shell.Interop (>= 7.10.6071)
      Microsoft.VisualStudio.TextManager.Interop (>= 7.10.6070)
      Microsoft.VisualStudio.TextManager.Interop.8.0 (>= 8.0.50727)
    Microsoft.VisualStudio.Text.Data (14.3.25407)
      Microsoft.VisualStudio.CoreUtility (>= 14.3.25407)
    Microsoft.VisualStudio.Text.Logic (14.3.25407)
      Microsoft.VisualStudio.CoreUtility (>= 14.3.25407)
      Microsoft.VisualStudio.Text.Data (>= 14.3.25407)
    Microsoft.VisualStudio.Text.UI (14.3.25407)
      Microsoft.VisualStudio.CoreUtility (>= 14.3.25407)
      Microsoft.VisualStudio.Text.Data (>= 14.3.25407)
      Microsoft.VisualStudio.Text.Logic (>= 14.3.25407)
    Microsoft.VisualStudio.Text.UI.Wpf (14.3.25407)
      Microsoft.VisualStudio.CoreUtility (>= 14.3.25407)
      Microsoft.VisualStudio.Text.Data (>= 14.3.25407)
      Microsoft.VisualStudio.Text.Logic (>= 14.3.25407)
      Microsoft.VisualStudio.Text.UI (>= 14.3.25407)
    Microsoft.VisualStudio.TextManager.Interop (7.10.6070)
      Microsoft.VisualStudio.OLE.Interop (>= 7.10.6070)
    Microsoft.VisualStudio.TextManager.Interop.8.0 (8.0.50727)
      Microsoft.VisualStudio.OLE.Interop (>= 7.10.6070)
      Microsoft.VisualStudio.Shell.Interop (>= 7.10.6071)
      Microsoft.VisualStudio.TextManager.Interop (>= 7.10.6070)
    Microsoft.VisualStudio.Threading (14.1.131)
      Microsoft.VisualStudio.Validation (>= 14.1.111)
    Microsoft.VisualStudio.Validation (14.1.111)
    VSSDK.DTE (7.0.4)
      VSSDK.IDE (>= 7.0.4 < 8.0)
    VSSDK.GraphModel (12.0.4)
      VSSDK.IDE.12 (>= 12.0.4 < 13.0)
    VSSDK.IDE (7.0.4)
    VSSDK.IDE.10 (10.0.4)
    VSSDK.IDE.11 (11.0.4)
    VSSDK.IDE.12 (12.0.4)
    VSSDK.IDE.14 (14.0.4-preview)
    VSSDK.IDE.8 (8.0.4)
    VSSDK.IDE.9 (9.0.4)
    VSSDK.IDE.Deploy.14 (14.0.4-preview)
      VSSDK.IDE.14 (>= 14.0.4-preview < 15.0)
    VSSDK.OLE.Interop (7.0.4)
      VSSDK.IDE (>= 7.0.4 < 8.0)
    VSSDK.Shell.12 (12.0.4)
      VSSDK.DTE (>= 7.0.4 < 8.0)
      VSSDK.IDE.12 (>= 12.0.4 < 13.0)
      VSSDK.OLE.Interop (>= 7.0.4 < 8.0)
      VSSDK.Shell.Immutable.10 (>= 10.0.4 < 11.0)
      VSSDK.Shell.Immutable.11 (>= 11.0.4 < 12.0)
      VSSDK.Shell.Immutable.12 (>= 12.0.4 < 13.0)
      VSSDK.Shell.Interop (>= 7.0.4 < 8.0)
      VSSDK.Shell.Interop.8 (>= 8.0.4 < 9.0)
      VSSDK.Shell.Interop.9 (>= 9.0.4 < 10.0)
      VSSDK.TextManager.Interop (>= 7.0.4 < 8.0)
      VSSDK.Threading.12 (>= 12.0.4 < 13.0)
    VSSDK.Shell.Immutable.10 (10.0.4)
      VSSDK.IDE.10 (>= 10.0.4 < 11.0)
    VSSDK.Shell.Immutable.11 (11.0.4)
      VSSDK.GraphModel (>= 11.0.4)
      VSSDK.IDE.11 (>= 11.0.4 < 12.0)
      VSSDK.OLE.Interop (>= 7.0.4 < 8.0)
      VSSDK.Shell.Interop (>= 7.0.4 < 8.0)
    VSSDK.Shell.Immutable.12 (12.0.4)
      VSSDK.IDE.12 (>= 12.0.4 < 13.0)
    VSSDK.Shell.Interop (7.0.4)
      VSSDK.IDE (>= 7.0.4 < 8.0)
      VSSDK.OLE.Interop (>= 7.0.4 < 8.0)
      VSSDK.TextManager.Interop (>= 7.0.4 < 8.0)
    VSSDK.Shell.Interop.8 (8.0.4)
      VSSDK.IDE.8 (>= 8.0.4 < 9.0)
      VSSDK.OLE.Interop (>= 7.0.4 < 8.0)
      VSSDK.Shell.Interop (>= 7.0.4 < 8.0)
      VSSDK.TextManager.Interop (>= 7.0.4 < 8.0)
      VSSDK.TextManager.Interop.8 (>= 8.0.4 < 9.0)
    VSSDK.Shell.Interop.9 (9.0.4)
      VSSDK.IDE.9 (>= 9.0.4 < 10.0)
      VSSDK.OLE.Interop (>= 7.0.4 < 8.0)
      VSSDK.Shell.Interop.8 (>= 8.0.4 < 9.0)
      VSSDK.TextManager.Interop (>= 7.0.4 < 8.0)
    VSSDK.TextManager.Interop (7.0.4)
      VSSDK.IDE (>= 7.0.4 < 8.0)
      VSSDK.OLE.Interop (>= 7.0.4 < 8.0)
    VSSDK.TextManager.Interop.8 (8.0.4)
      VSSDK.IDE.8 (>= 8.0.4 < 9.0)
      VSSDK.OLE.Interop (>= 7.0.4 < 8.0)
      VSSDK.Shell.Interop (>= 7.0.4 < 8.0)
      VSSDK.TextManager.Interop (>= 7.0.4 < 8.0)
    VSSDK.Threading (12.0.4)
      VSSDK.IDE.12 (>= 12.0.4 < 13.0)
    VSSDK.Threading.12 (12.0.4)
      VSSDK.IDE.12 (>= 12.0.4 < 13.0)
      VSSDK.Threading (>= 12.0.4 < 13.0)

GROUP vssdklegacy
FRAMEWORK: >= NET40
NUGET
  remote: http://www.nuget.org/api/v2
    Microsoft.VisualStudio.OLE.Interop (7.10.6070)
    Microsoft.VisualStudio.Shell.Immutable.10.0 (10.0.30319)
    Microsoft.VisualStudio.Shell.Interop (7.10.6071)
      Microsoft.VisualStudio.OLE.Interop (>= 7.10.6070)
      Microsoft.VisualStudio.TextManager.Interop (>= 7.10.6070)
    Microsoft.VisualStudio.Shell.Interop.8.0 (8.0.50727)
      Microsoft.VisualStudio.OLE.Interop (>= 7.10.6070)
      Microsoft.VisualStudio.Shell.Interop (>= 7.10.6071)
      Microsoft.VisualStudio.TextManager.Interop (>= 7.10.6070)
      Microsoft.VisualStudio.TextManager.Interop.8.0 (>= 8.0.50727)
    Microsoft.VisualStudio.TextManager.Interop (7.10.6070)
      Microsoft.VisualStudio.OLE.Interop (>= 7.10.6070)
    Microsoft.VisualStudio.TextManager.Interop.8.0 (8.0.50727)
      Microsoft.VisualStudio.OLE.Interop (>= 7.10.6070)
      Microsoft.VisualStudio.Shell.Interop (>= 7.10.6071)
      Microsoft.VisualStudio.TextManager.Interop (>= 7.10.6070)
    VSSDK.ComponentModelHost (11.0.4)
      VSSDK.IDE.11 (>= 11.0.4 < 12.0)
    VSSDK.ComponentModelHost.11 (11.0.4)
      VSSDK.ComponentModelHost (>= 11.0.4 < 12.0)
      VSSDK.IDE.11 (>= 11.0.4 < 12.0)
    VSSDK.DTE (7.0.4)
      VSSDK.IDE (>= 7.0.4 < 8.0)
    VSSDK.DTE.10 (10.0.4)
      VSSDK.DTE (>= 7.0.4 < 8.0)
      VSSDK.DTE.8 (>= 8.0.4 < 9.0)
      VSSDK.DTE.9 (>= 9.0.4 < 10.0)
      VSSDK.IDE.10 (>= 10.0.4 < 11.0)
    VSSDK.DTE.8 (8.0.4)
      VSSDK.DTE (>= 7.0.4 < 8.0)
      VSSDK.IDE.8 (>= 8.0.4 < 9.0)
    VSSDK.DTE.9 (9.0.4)
      VSSDK.DTE (>= 7.0.4 < 8.0)
      VSSDK.DTE.8 (>= 8.0.4 < 9.0)
      VSSDK.IDE.9 (>= 9.0.4 < 10.0)
    VSSDK.IDE (7.0.4)
    VSSDK.IDE.10 (10.0.4)
    VSSDK.IDE.11 (11.0.4)
    VSSDK.IDE.12 (12.0.4)
    VSSDK.IDE.8 (8.0.4)
    VSSDK.IDE.9 (9.0.4)
    VSSDK.NavigateTo (12.0.4)
      VSSDK.IDE.12 (>= 12.0.4 < 13.0)
    VSSDK.VSLangProj (7.0.4)
      VSSDK.DTE (>= 7.0.4 < 8.0)
      VSSDK.IDE (>= 7.0.4 < 8.0)
