NUGET
  remote: http://nuget.org/api/v2
  specs:
    EditorUtils (1.4.0.0)
    Expression.Blend.Sdk (1.0.2)
    FAKE (3.35.2)
    Fantomas (1.7.0)
      FSharp.Compiler.Service (>= 0.0.73)
    Foq (1.7.1)
    FsCheck (2.0.1)
      FSharp.Core (>= 3.1.2.1)
    FSharp.Compiler.Service (0.0.90)
    FSharp.Core (3.1.2.1)
    FSharp.Formatting (2.9.8)
      FSharp.Compiler.Service (>= 0.0.87)
      FSharpVSPowerTools.Core (1.8.0)
    FSharp.ViewModule.Core (0.9.9.1)
    FSharpVSPowerTools.Core (1.8.0)
      FSharp.Compiler.Service (>= 0.0.87)
    FsXaml.Wpf (0.9.9)
      Expression.Blend.Sdk (>= 1.0.2) - framework: >= net45
    Microsoft.Bcl (1.1.10)
      Microsoft.Bcl.Build (>= 1.0.14)
    Microsoft.Bcl.Build (1.0.21)
    Microsoft.Net.Http (2.2.29)
      Microsoft.Bcl (>= 1.1.10)
      Microsoft.Bcl.Build (>= 1.0.14)
    NuGet.CommandLine (2.8.5)
    NUnit (2.6.4)
    NUnit.Runners (2.6.4)
    Octokit (0.12.0)
      Microsoft.Net.Http
    SourceLink.SymbolStore (0.5.0)
GITHUB
  remote: fsharp/FAKE
  specs:
    modules/Octokit/Octokit.fsx (52ee2053781c7106766d2b23686344f70dc11483)
      Octokit