NUGET
  remote: http://nuget.org/api/v2
  specs:
    Expression.Blend.Sdk (1.0.2)
    FAKE (3.11.3)
    Fantomas (1.6.0)
      FSharp.Compiler.Service (>= 0.0.73)
    Foq (1.6.0)
    FParsec (1.0.1)
    FsCheck (1.0.3)
    FSharp.Compiler.Service (0.0.81)
    FSharp.Formatting (2.4.33)
      FSharp.Compiler.Service (>= 0.0.62)
      Microsoft.AspNet.Razor (2.0.30506.0)
      RazorEngine (3.3.0)
    FSharp.ViewModule.Core (0.9.9.1)
    FsXaml.Wpf (0.9.9)
      Expression.Blend.Sdk (>= 1.0.2) - net45
    Microsoft.AspNet.Razor (2.0.30506.0)
    Microsoft.Bcl (1.1.9)
      Microsoft.Bcl.Build (>= 1.0.14)
    Microsoft.Bcl.Build (1.0.21)
    Microsoft.Net.Http (2.2.28)
      Microsoft.Bcl (>= 1.1.9)
      Microsoft.Bcl.Build (>= 1.0.14)
    NuGet.CommandLine (2.8.3)
    NUnit (2.6.3)
    NUnit.Runners (2.6.3)
    Octokit (0.5.2)
      Microsoft.Net.Http (>= 0)
    RazorEngine (3.3.0)
      Microsoft.AspNet.Razor (>= 2.0.30506.0)
GITHUB
  remote: fsharp/FAKE
  specs:
    modules/Octokit/Octokit.fsx (0a5a284350252b22075e096e6906681ece6bda1f)
      Octokit (>= 0)