NUGET
  remote: http://nuget.org/api/v2
  specs:
    Expression.Blend.Sdk (1.0.2)
    FAKE (3.17.13)
    Fantomas (1.6.0)
      FSharp.Compiler.Service (>= 0.0.73)
    Foq (1.6)
    FsCheck (1.0.4)
    FSharp.Compiler.Service (0.0.85)
    FSharp.Formatting (2.7.4)
      FSharp.Compiler.Service (>= 0.0.82)
      FSharpVSPowerTools.Core (>= 1.7.0)
    FSharp.ViewModule.Core (0.9.9.1)
    FSharpVSPowerTools.Core (1.7.0)
      FSharp.Compiler.Service (>= 0.0.81)
    FsXaml.Wpf (0.9.9)
      Expression.Blend.Sdk (>= 1.0.2) - framework: >= net45
    Microsoft.Bcl (1.1.10)
      Microsoft.Bcl.Build (>= 1.0.14)
    Microsoft.Bcl.Build (1.0.21)
    Microsoft.Net.Http (2.2.29)
      Microsoft.Bcl (>= 1.1.10)
      Microsoft.Bcl.Build (>= 1.0.14)
    NuGet.CommandLine (2.8.3)
    NUnit (2.6.4)
    NUnit.Runners (2.6.4)
    Octokit (0.7.3)
      Microsoft.Net.Http
    SourceLink.SymbolStore (0.5.0-ci1411242108)
GITHUB
  remote: fsharp/FAKE
  specs:
    modules/Octokit/Octokit.fsx (685c463493b846703648c21df066b9805c13767e)
      Octokit