NUGET
  remote: http://www.nuget.org/api/v2
  specs:
    Expression.Blend.Sdk (1.0.2)
    Fantomas (2.0.2)
      FSharp.Compiler.Service (>= 1.4.0.6)
    FSharp.Compiler.Service (1.4.2.2)
    FSharp.Management (0.3.1)
    FSharp.ViewModule.Core (0.9.9.2)
    FSharpLint.Core (0.0.14)
      FSharp.Compiler.Service (>= 1.4.2.1)
    FsPickler (1.7.1)
    FsXaml.Wpf (0.9.9)
      Expression.Blend.Sdk (>= 1.0.2) - framework: >= net45
    SourceLink.SymbolStore (0.5.0)
    VSSDK.IDE.14 (14.0.4-preview)
    VSSDK.IDE.Deploy.14 (14.0.4-preview)
      VSSDK.IDE.14 (>= 14.0.4-preview < 15.0.0)

GROUP Build
NUGET
  remote: http://www.nuget.org/api/v2
  specs:
    canopy (0.9.43)
      FSharp.Core (>= 3.0.2)
      Selenium.Support (2.48.2)
      Selenium.WebDriver (2.48.2)
      SizSelCsZzz (0.3.36.0)
    FAKE (4.12.0)
    FSharp.Compiler.Service (1.4.2.3)
    FSharp.Core (3.1.2.5) - redirects: on
    FSharp.Formatting (2.13.0)
      FSharp.Compiler.Service (>= 1.4.2 < 1.5.0)
      FSharpVSPowerTools.Core (>= 2.2.0 < 2.3.0)
    FSharpVSPowerTools.Core (2.2.0)
      FSharp.Compiler.Service (>= 1.4.2.0)
    Microsoft.Bcl (1.1.10)
      Microsoft.Bcl.Build (>= 1.0.14)
    Microsoft.Bcl.Build (1.0.21) - import_targets: false
    Microsoft.Net.Http (2.2.29)
      Microsoft.Bcl (>= 1.1.10)
      Microsoft.Bcl.Build (>= 1.0.14)
    Newtonsoft.Json (8.0.1)
    NuGet.CommandLine (3.3.0)
    Octokit (0.17.0)
      Microsoft.Net.Http
    Selenium.Support (2.48.2)
      Selenium.WebDriver (>= 2.48.2)
    Selenium.WebDriver (2.48.2)
    Selenium.WebDriver.ChromeDriver (2.20.0)
    SizSelCsZzz (0.3.36)
      Newtonsoft.Json (>= 6.0)
      Selenium.Support (>= 2.40)
      Selenium.WebDriver (>= 2.40)
GITHUB
  remote: fsharp/FAKE
  specs:
    modules/Octokit/Octokit.fsx (3834900476aed462f35ce3acc3ea5c4708971e43)
      Octokit
GROUP Test
NUGET
  remote: http://www.nuget.org/api/v2
  specs:
    FAKE (4.12.0)
    Foq (1.7.1)
    FsCheck (2.2.4)
      FSharp.Core (>= 3.1.2.5)
    FSharp.Core (3.1.2.5) - redirects: on
    NUnit (2.6.4)
    NUnit.Runners (2.6.4)
