NUGET
  remote: http://nuget.org/api/v2
  specs:
    Expression.Blend.Sdk (1.0.2)
    Fantomas (1.11.0)
      FSharp.Compiler.Service (>= 1.4.0.5)
    FSharp.Compiler.Service (1.4.0.6)
    FSharp.Core (3.1.2.5) - redirects: on
    FSharp.Management (0.3.0)
    FSharp.ViewModule.Core (0.9.9.1)
    FSharpLint.Core (0.0.13-beta)
      FSharp.Compiler.Service (>= 1.4.0.6)
    FsXaml.Wpf (0.9.9)
      Expression.Blend.Sdk (>= 1.0.2) - framework: >= net45
    SourceLink.SymbolStore (0.5.0)
    VSSDK.IDE.14 (14.0.4-preview)
    VSSDK.IDE.Deploy.14 (14.0.4-preview)
      VSSDK.IDE.14 (>= 14.0.4-preview < 15.0.0)

GROUP Build
NUGET
  remote: http://nuget.org/api/v2
  specs:
    FAKE (4.0.3)
    FSharp.Compiler.Service (0.0.90)
    FSharp.Formatting (2.11.0)
      FSharp.Compiler.Service (>= 0.0.90 <= 1.3)
      FSharpVSPowerTools.Core (1.9.0)
    FSharpVSPowerTools.Core (1.9.0)
      FSharp.Compiler.Service (>= 0.0.90)
    Microsoft.Bcl (1.1.10)
      Microsoft.Bcl.Build (>= 1.0.14)
    Microsoft.Bcl.Build (1.0.21) - import_targets: false
    Microsoft.Net.Http (2.2.29)
      Microsoft.Bcl (>= 1.1.10)
      Microsoft.Bcl.Build (>= 1.0.14)
    NuGet.CommandLine (2.8.6)
    Octokit (0.16.0)
      Microsoft.Net.Http
GITHUB
  remote: fsharp/FAKE
  specs:
    modules/Octokit/Octokit.fsx (7543f29800c1245a04f96b5f1be063b0568fd5d6)
      Octokit
GROUP Test
NUGET
  remote: http://nuget.org/api/v2
  specs:
    Foq (1.7.1)
    FsCheck (2.1.0)
      FSharp.Core (>= 3.1.2.5)
    FSharp.Core (3.1.2.5) - redirects: on
    NUnit (2.6.4)
    NUnit.Runners (2.6.4)
